GEM
  remote: https://rubygems.org/
  specs:
    activesupport (6.1.7.3)
      concurrent-ruby (~> 1.0, >= 1.0.2)
      i18n (>= 1.6, < 2)
      minitest (>= 5.1)
      tzinfo (~> 2.0)
      zeitwerk (~> 2.3)
    byebug (11.1.3)
    concurrent-ruby (1.2.2)
    i18n (1.12.0)
      concurrent-ruby (~> 1.0)
    minitest (5.18.0)
    net (0.3.3)
      activesupport
    thor (1.1.0)
    tzinfo (2.0.6)
      concurrent-ruby (~> 1.0)
    uri (0.11.0)
    zeitwerk (2.5.1)

PLATFORMS
  arm64-darwin-20
  x86_64-linux

DEPENDENCIES
  activesupport (~> 6.1.7.3)
  byebug
  net
  thor
  uri
  zeitwerk

BUNDLED WITH
   2.2.29
